NUGET
  remote: https://www.nuget.org/api/v2
  specs:
    EventStore.Client (3.0.1)
    EventStore.Client.Embedded (3.0.1)
      EventStore.Client (>= 3.0.1)
    FSharp.Actor-logary (2.4.0)
      FSharp.Core (>= 3.1.2.1)
    FSharp.Core (3.1.2.1)
    FSharp.Data (2.1.1)
      Zlib.Portable (>= 1.10.0)
    FSharpx.Core (1.8.41)
    Fuchu (0.4.0.0)
    Intelliplan.JsonNet (2.3.3)
      FSharp.Core (>= 3.1.2.1)
      Newtonsoft.Json (>= 6.0.8)
    Intelliplan.Logary (2.4.0)
      FSharp.Actor-logary (>= 2.4.0)
      FSharp.Core (>= 3.1.2.1)
      Intelliplan.JsonNet (>= 2.2.0)
      Newtonsoft.Json (>= 6.0.8)
      NodaTime (>= 1.3.0)
      NodaTime.Serialization.JsonNet (>= 1.3.0)
    Intelliplan.Logary.Adapters.EventStore (2.4.0)
      EventStore.Client (>= 3.0.1)
      Intelliplan.Logary (>= 2.4.0)
    Newtonsoft.Json (6.0.8)
    NLog (3.2.0.0)
    NodaTime (1.3.0)
    NodaTime.Serialization.JsonNet (1.3.0)
      Newtonsoft.Json (>= 4.5.11)
      NodaTime (>= 1.3.0)
    NuGet.CommandLine (2.8.3)
    protobuf-net (2.0.0.668)
    Zlib.Portable (1.10.0)
