NUGET
  remote: https://www.nuget.org/api/v2
  specs:
    EventStore.Client (3.0.1)
    FSharp.Core.3 (0.0.2)
    FSharpx.Core (1.8.41)
    Fuchu (0.4.0.0)
    Newtonsoft.Json (6.0.6)
    NuGet.CommandLine (2.8.3)
