NUGET
  remote: https://www.nuget.org/api/v2
  specs:
    EventStore.Client (3.0.1)
    EventStore.Client.Embedded (3.0.1)
      EventStore.Client (>= 3.0.1)
    FSharp.Core.3 (0.0.2)
    FSharp.Data (2.1.0)
      Zlib.Portable (>= 1.10.0) - portable-7.0
    FSharpx.Core (1.8.41)
    Fuchu (0.4.0.0)
    Intelliplan.JsonNet (2.0.0)
      FSharp.Core.3 (>= 0.0.2)
      Newtonsoft.Json (>= 6.0.5)
    Newtonsoft.Json (6.0.6)
    NLog (3.1.0.0)
    NuGet.CommandLine (2.8.3)
    protobuf-net (2.0.0.668)
    Zlib.Portable (1.10.0) - portable-7.0
